GEM
  remote: https://rubygems.org/
  specs:
    actioncable (5.0.0)
      actionpack (= 5.0.0)
      nio4r (~> 1.2)
      websocket-driver (~> 0.6.1)
    actionmailer (5.0.0)
      actionpack (= 5.0.0)
      actionview (= 5.0.0)
      activejob (= 5.0.0)
      mail (~> 2.5, >= 2.5.4)
      rails-dom-testing (~> 2.0)
    actionpack (5.0.0)
      actionview (= 5.0.0)
      activesupport (= 5.0.0)
      rack (~> 2.0)
      rack-test (~> 0.6.3)
      rails-dom-testing (~> 2.0)
      rails-html-sanitizer (~> 1.0, >= 1.0.2)
    actionview (5.0.0)
      activesupport (= 5.0.0)
      builder (~> 3.1)
      erubis (~> 2.7.0)
      rails-dom-testing (~> 2.0)
      rails-html-sanitizer (~> 1.0, >= 1.0.2)
    activejob (5.0.0)
      activesupport (= 5.0.0)
      globalid (>= 0.3.6)
    activemodel (5.0.0)
      activesupport (= 5.0.0)
    activerecord (5.0.0)
      activemodel (= 5.0.0)
      activesupport (= 5.0.0)
      arel (~> 7.0)
    activesupport (5.0.0)
      concurrent-ruby (~> 1.0, >= 1.0.2)
      i18n (~> 0.7)
      minitest (~> 5.1)
      tzinfo (~> 1.1)
    addressable (2.4.0)
    arel (7.0.0)
    bcrypt (3.1.11)
    brakeman (3.3.2)
    builder (3.2.2)
    byebug (9.0.5)
    cane (3.0.0)
      parallel
    capybara (2.7.1)
      addressable
      mime-types (>= 1.16)
      nokogiri (>= 1.3.3)
      rack (>= 1.0.0)
      rack-test (>= 0.5.4)
      xpath (~> 2.0)
    chunky_png (1.3.6)
    climate_control (0.0.3)
      activesupport (>= 3.0)
    cocaine (0.5.8)
      climate_control (>= 0.0.3, < 1.0)
    coderay (1.1.1)
    coffee-rails (4.2.1)
      coffee-script (>= 2.2.0)
      railties (>= 4.0.0, < 5.2.x)
    coffee-script (2.4.1)
      coffee-script-source
      execjs
    coffee-script-source (1.10.0)
    commonjs (0.2.7)
    concurrent-ruby (1.0.2)
    crack (0.4.3)
      safe_yaml (~> 1.0.0)
    daemons (1.2.3)
    database_cleaner (1.5.3)
    devise (4.2.0)
      bcrypt (~> 3.0)
      orm_adapter (~> 0.1)
      railties (>= 4.1.0, < 5.1)
      responders
      warden (~> 1.2.3)
    devise-i18n (1.1.0)
    diff-lcs (1.2.5)
    docile (1.1.5)
    dotenv (2.1.1)
    dotenv-rails (2.1.1)
      dotenv (= 2.1.1)
      railties (>= 4.0, < 5.1)
    email_validator (1.6.0)
      activemodel
    erubis (2.7.0)
    eventmachine (1.2.0.1)
    excon (0.51.0)
    execjs (2.7.0)
    factory_girl (4.7.0)
      activesupport (>= 3.0.0)
    faker (1.6.5)
      i18n (~> 0.5)
    faraday (0.9.2)
      multipart-post (>= 1.2, < 3)
    fastimage (2.0.0)
      addressable (~> 2)
    globalid (0.3.6)
      activesupport (>= 4.1.0)
    hashdiff (0.3.0)
    html_validation (1.1.3)
    i18n (0.7.0)
    jquery-rails (4.1.1)
      rails-dom-testing (>= 1, < 3)
      railties (>= 4.2.0)
      thor (>= 0.14, < 2.0)
    jquery-turbolinks (2.1.0)
      railties (>= 3.1.0)
      turbolinks
    json (2.0.1)
    jwt (1.5.4)
    kgio (2.10.0)
    less (2.6.0)
      commonjs (~> 0.2.7)
    less-rails (2.7.1)
      actionpack (>= 4.0)
      less (~> 2.6.0)
      sprockets (> 2, < 4)
      tilt
    log_switch (0.3.0)
    loofah (2.0.3)
      nokogiri (>= 1.5.9)
    mail (2.6.4)
      mime-types (>= 1.16, < 4)
    method_source (0.8.2)
    mime-types (3.1)
      mime-types-data (~> 3.2015)
    mime-types-data (3.2016.0521)
    mimemagic (0.3.1)
    mini_portile2 (2.1.0)
    minitest (5.9.0)
    multi_json (1.12.1)
    multipart-post (2.0.0)
    nio4r (1.2.1)
    nokogiri (1.6.8)
      mini_portile2 (~> 2.1.0)
      pkg-config (~> 1.1.7)
    orm_adapter (0.5.0)
    paperclip (5.0.0)
      activemodel (>= 4.2.0)
      activesupport (>= 4.2.0)
      cocaine (~> 0.5.5)
      mime-types
      mimemagic (~> 0.3.0)
    parallel (1.9.0)
    pdf-core (0.6.1)
    pdfkit (0.8.2)
    pg (0.18.4)
    phonelib (0.6.2)
    php_serialize (1.2)
    pkg-config (1.1.7)
    prawn (2.1.0)
      pdf-core (~> 0.6.1)
      ttfunk (~> 1.4.0)
    prawn-rails (0.1.1)
      prawn
      prawn-table
      rails (>= 3.1.0)
    prawn-table (0.2.2)
      prawn (>= 1.3.0, < 3.0.0)
    pry (0.10.4)
      coderay (~> 1.1.0)
      method_source (~> 0.8.1)
      slop (~> 3.4)
    pry-byebug (3.4.0)
      byebug (~> 9.0)
      pry (~> 0.10)
    pry-rails (0.3.4)
      pry (>= 0.9.10)
    rack (2.0.1)
    rack-test (0.6.3)
      rack (>= 1.0)
    rails (5.0.0)
      actioncable (= 5.0.0)
      actionmailer (= 5.0.0)
      actionpack (= 5.0.0)
      actionview (= 5.0.0)
      activejob (= 5.0.0)
      activemodel (= 5.0.0)
      activerecord (= 5.0.0)
      activesupport (= 5.0.0)
      bundler (>= 1.3.0, < 2.0)
      railties (= 5.0.0)
      sprockets-rails (>= 2.0.0)
    rails-dom-testing (2.0.1)
      activesupport (>= 4.2.0, < 6.0)
      nokogiri (~> 1.6.0)
    rails-html-sanitizer (1.0.3)
      loofah (~> 2.0)
    railties (5.0.0)
      actionpack (= 5.0.0)
      activesupport (= 5.0.0)
      method_source
      rake (>= 0.8.7)
      thor (>= 0.18.1, < 2.0)
    rainbow (2.1.0)
    raindrops (0.16.0)
    rake (11.2.2)
    responders (2.2.0)
      railties (>= 4.2.0, < 5.1)
    rqrcode (0.10.1)
      chunky_png (~> 1.0)
    rqrcode_png (0.1.5)
      chunky_png
      rqrcode
    rspec (3.5.0)
      rspec-core (~> 3.5.0)
      rspec-expectations (~> 3.5.0)
      rspec-mocks (~> 3.5.0)
    rspec-core (3.5.1)
      rspec-support (~> 3.5.0)
    rspec-expectations (3.5.0)
      diff-lcs (>= 1.2.0, < 2.0)
      rspec-support (~> 3.5.0)
    rspec-its (1.2.0)
      rspec-core (>= 3.0.0)
      rspec-expectations (>= 3.0.0)
    rspec-mocks (3.5.0)
      diff-lcs (>= 1.2.0, < 2.0)
      rspec-support (~> 3.5.0)
    rspec-rails (3.5.1)
      actionpack (>= 3.0)
      activesupport (>= 3.0)
      railties (>= 3.0)
      rspec-core (~> 3.5.0)
      rspec-expectations (~> 3.5.0)
      rspec-mocks (~> 3.5.0)
      rspec-support (~> 3.5.0)
    rspec-support (3.5.0)
    rspec_junit_formatter (0.2.3)
      builder (< 4)
      rspec-core (>= 2, < 4, != 2.12.0)
    safe_yaml (1.0.4)
    sass (3.4.22)
    sass-rails (5.0.5)
      railties (>= 4.0.0, < 6)
      sass (~> 3.1)
      sprockets (>= 2.8, < 4.0)
      sprockets-rails (>= 2.0, < 4.0)
      tilt (>= 1.1, < 3)
    scss-lint (0.38.0)
      rainbow (~> 2.0)
      sass (~> 3.4.1)
    sentry-raven (1.2.0)
      faraday (>= 0.7.6, < 0.10.x)
    simple_form (3.2.1)
      actionpack (> 4, < 5.1)
      activemodel (> 4, < 5.1)
    simplecov (0.12.0)
      docile (~> 1.1.0)
      json (>= 1.8, < 3)
      simplecov-html (~> 0.10.0)
    simplecov-html (0.10.0)
    simplecov-rcov (0.2.3)
      simplecov (>= 0.4.1)
    slop (3.6.0)
    spring (1.7.2)
    sprockets (3.6.3)
      concurrent-ruby (~> 1.0)
      rack (> 1, < 3)
    sprockets-rails (3.1.1)
      actionpack (>= 4.0)
      activesupport (>= 4.0)
      sprockets (>= 3.0.0)
    tailor (1.4.1)
      log_switch (~> 0.3.0)
      nokogiri (>= 1.6.0)
      term-ansicolor (>= 1.0.5)
      text-table (>= 1.2.2)
    term-ansicolor (1.3.2)
      tins (~> 1.0)
    text-table (1.2.4)
    thin (1.7.0)
      daemons (~> 1.0, >= 1.0.9)
      eventmachine (~> 1.0, >= 1.0.4)
      rack (>= 1, < 3)
    thor (0.19.1)
    thread_safe (0.3.5)
    tilt (2.0.5)
    timecop (0.8.1)
    tins (1.11.0)
    ttfunk (1.4.0)
    turbolinks (5.0.0)
      turbolinks-source (~> 5)
    turbolinks-source (5.0.0)
    twilio-ruby (4.11.1)
      builder (>= 2.1.2)
      jwt (~> 1.0)
      multi_json (>= 1.3.0)
    twitter-bootstrap-rails (3.2.2)
      actionpack (>= 3.1)
      execjs (>= 2.2.2, >= 2.2)
      less-rails (>= 2.5.0)
      railties (>= 3.1)
    tzinfo (1.2.2)
      thread_safe (~> 0.1)
    uglifier (3.0.0)
      execjs (>= 0.3.0, < 3)
    unicorn (5.1.0)
      kgio (~> 2.6)
      raindrops (~> 0.7)
    vcr (3.0.3)
    warden (1.2.6)
      rack (>= 1.0)
    webmock (2.1.0)
      addressable (>= 2.3.6)
      crack (>= 0.3.2)
      hashdiff
    websocket-driver (0.6.4)
      websocket-extensions (>= 0.1.0)
    websocket-extensions (0.1.2)
    xpath (2.0.0)
      nokogiri (~> 1.3)

PLATFORMS
  ruby

DEPENDENCIES
  actionpack (= 5.0.0)
  activesupport (= 5.0.0)
  brakeman
  cane (= 3.0.0)
  capybara (= 2.7.1)
  coffee-rails (= 4.2.1)
  database_cleaner
  devise
  devise-i18n
  dotenv-rails
  email_validator
  excon
  factory_girl (= 4.7.0)
  faker
  fastimage
  html_validation
  jquery-rails
  jquery-turbolinks (= 2.1.0)
  paperclip (~> 5.0.0.beta1)
  pdfkit
  pg
  phonelib
  php_serialize
  prawn-rails
  pry-byebug
  pry-rails
  rails (= 5.0.0)
  railties (= 5.0.0)
  rake
  rqrcode_png
  rspec (= 3.5.0)
  rspec-its (= 1.2.0)
  rspec-rails (= 3.5.1)
  rspec_junit_formatter (= 0.2.3)
  sass-rails (~> 5.0)
  scss-lint (= 0.38.0)
  sentry-raven
  simple_form
  simplecov (= 0.12.0)
  simplecov-rcov (= 0.2.3)
  spring
  tailor (= 1.4.1)
  thin
  timecop (= 0.8.1)
  turbolinks
  twilio-ruby
  twitter-bootstrap-rails
  uglifier (>= 1.3.0)
  unicorn
  vcr (= 3.0.3)
  webmock (= 2.1.0)

RUBY VERSION
   ruby 2.2.5p319

BUNDLED WITH
   1.12.5
